PATH
  remote: ~/Dev/Ruby/tape
  specs:
    tape (0.1.5)

GEM
  remote: http://rubygems.org/
  specs:

PLATFORMS
  ruby

DEPENDENCIES
  tape!
